GIT
  remote: git@github.com:ITV/ingestrb.git
  revision: 71c65f88e87a55346f9fe0727363623afbc79fde
  specs:
    ingestrb (0.0.1)
      activesupport
      nokogiri
      retryable-rb
      savon

GEM
  remote: http://rubygems.org/
  specs:
    activesupport (3.2.9)
      i18n (~> 0.6)
      multi_json (~> 1.0)
    akami (1.2.0)
      gyoku (>= 0.4.0)
      nokogiri (>= 1.4.0)
    builder (3.1.4)
    cucumber (1.2.1)
      builder (>= 2.1.2)
      diff-lcs (>= 1.1.3)
      gherkin (~> 2.11.0)
      json (>= 1.4.6)
    diff-lcs (1.1.3)
    gherkin (2.11.5)
      json (>= 1.4.6)
    gyoku (0.4.6)
      builder (>= 2.1.2)
    httpi (1.1.1)
      rack
    i18n (0.6.1)
    json (1.7.4)
    mime-types (1.19)
    multi_json (1.3.7)
    nokogiri (1.5.5)
    nori (1.1.3)
    rack (1.4.1)
    rake (10.0.2)
    rest-client (1.6.7)
      mime-types (>= 1.16)
    retryable-rb (1.1.0)
    rspec-expectations (2.12.0)
      diff-lcs (~> 1.1.3)
    savon (1.2.0)
      akami (~> 1.2.0)
      builder (>= 2.1.2)
      gyoku (~> 0.4.5)
      httpi (~> 1.1.0)
      nokogiri (>= 1.4.0)
      nori (~> 1.1.0)
      wasabi (~> 2.5.0)
    simplecov (0.7.1)
      multi_json (~> 1.0)
      simplecov-html (~> 0.7.1)
    simplecov-html (0.7.1)
    wasabi (2.5.1)
      httpi (~> 1.0)
      nokogiri (>= 1.4.0)

PLATFORMS
  ruby

DEPENDENCIES
  activesupport
  cucumber
  ingestrb!
  json (= 1.7.4)
  nokogiri
  rake
  rest-client
  rspec-expectations
  savon
  simplecov
