GIT
  remote: git@github.com:ITV/ingestrb.git
  revision: 2809b7a2a00032e7efe7a3e8a12e1398891419b5
  specs:
    ingestrb (0.0.2)
      activesupport
      nokogiri
      retryable-rb
      savon

GEM
  remote: http://rubygems.org/
  specs:
    activesupport (3.2.10)
      i18n (~> 0.6)
      multi_json (~> 1.0)
    akami (1.2.0)
      gyoku (>= 0.4.0)
      nokogiri (>= 1.4.0)
    builder (3.1.4)
    cucumber (1.2.1)
      builder (>= 2.1.2)
      diff-lcs (>= 1.1.3)
      gherkin (~> 2.11.0)
      json (>= 1.4.6)
    diff-lcs (1.1.3)
    gherkin (2.11.5)
      json (>= 1.4.6)
    gyoku (0.4.6)
      builder (>= 2.1.2)
    httpi (1.1.1)
      rack
    i18n (0.6.1)
    json (1.7.4)
    mime-types (1.19)
    multi_json (1.5.0)
    nokogiri (1.5.6)
    nori (1.1.3)
    rack (1.4.3)
    rake (10.0.4)
    rest-client (1.6.7)
      mime-types (>= 1.16)
    retryable-rb (1.1.0)
    rspec (2.12.0)
      rspec-core (~> 2.12.0)
      rspec-expectations (~> 2.12.0)
      rspec-mocks (~> 2.12.0)
    rspec-core (2.12.1)
    rspec-expectations (2.12.0)
      diff-lcs (~> 1.1.3)
    rspec-mocks (2.12.0)
    savon (1.2.0)
      akami (~> 1.2.0)
      builder (>= 2.1.2)
      gyoku (~> 0.4.5)
      httpi (~> 1.1.0)
      nokogiri (>= 1.4.0)
      nori (~> 1.1.0)
      wasabi (~> 2.5.0)
    simplecov (0.7.1)
      multi_json (~> 1.0)
      simplecov-html (~> 0.7.1)
    simplecov-html (0.7.1)
    wasabi (2.5.1)
      httpi (~> 1.0)
      nokogiri (>= 1.4.0)

PLATFORMS
  ruby

DEPENDENCIES
  activesupport
  cucumber
  ingestrb (> 0.0.1)!
  json (= 1.7.4)
  nokogiri
  rake
  rest-client
  rspec
  rspec-expectations
  savon (< 2.0)
  simplecov
