GIT
  remote: git@github.com:ITV/ingestrb.git
  revision: c4e1fd095c206bac300af2760fe413cd48742dbf
  specs:
    ingestrb (0.0.6)
      activesupport
      nokogiri
      retryable-rb
      savon

GEM
  remote: http://rubygems.org/
  specs:
    activesupport (3.2.13)
      i18n (= 0.6.1)
      multi_json (~> 1.0)
    akami (1.2.0)
      gyoku (>= 0.4.0)
      nokogiri (>= 1.4.0)
    builder (3.2.2)
    cucumber (1.3.2)
      builder (>= 2.1.2)
      diff-lcs (>= 1.1.3)
      gherkin (~> 2.12.0)
      multi_json (~> 1.3)
    diff-lcs (1.2.4)
    gherkin (2.12.0)
      multi_json (~> 1.3)
    gyoku (0.4.6)
      builder (>= 2.1.2)
    httparty (0.11.0)
      multi_json (~> 1.0)
      multi_xml (>= 0.5.2)
    httpi (1.1.1)
      rack
    i18n (0.6.1)
    json (1.7.7)
    multi_json (1.7.7)
    multi_xml (0.5.5)
    nokogiri (1.5.10)
    nori (1.1.5)
    rack (1.5.2)
    rake (10.0.4)
    retryable-rb (1.1.0)
    rspec-expectations (2.13.0)
      diff-lcs (>= 1.1.3, < 2.0)
    savon (1.2.0)
      akami (~> 1.2.0)
      builder (>= 2.1.2)
      gyoku (~> 0.4.5)
      httpi (~> 1.1.0)
      nokogiri (>= 1.4.0)
      nori (~> 1.1.0)
      wasabi (~> 2.5.0)
    simplecov (0.7.1)
      multi_json (~> 1.0)
      simplecov-html (~> 0.7.1)
    simplecov-html (0.7.1)
    wasabi (2.5.1)
      httpi (~> 1.0)
      nokogiri (>= 1.4.0)

PLATFORMS
  ruby

DEPENDENCIES
  cucumber
  httparty
  ingestrb (> 0.0.1)!
  json (~> 1.7.7)
  nokogiri (< 1.6.0)
  rake
  rspec-expectations
  savon (< 2.0)
  simplecov
